PATH
  remote: .
  specs:
    dm-visualizer (0.1.0)
      dm-core (~> 1.0.0)
      ruby-graphviz (>= 0.9.10)
      thor (~> 0.14.0)

GEM
  remote: https://rubygems.org/
  specs:
    addressable (2.2.0)
    diff-lcs (1.1.2)
    dm-core (1.0.0)
      addressable (~> 2.1)
      extlib (~> 0.9.15)
    extlib (0.9.15)
    ore-core (0.1.0)
    ore-tasks (0.2.0)
    rake (0.8.7)
    rdiscount (1.6.5)
    rspec (2.0.1)
      rspec-core (~> 2.0.1)
      rspec-expectations (~> 2.0.1)
      rspec-mocks (~> 2.0.1)
    rspec-core (2.0.1)
    rspec-expectations (2.0.1)
      diff-lcs (>= 1.1.2)
    rspec-mocks (2.0.1)
      rspec-core (~> 2.0.1)
      rspec-expectations (~> 2.0.1)
    ruby-graphviz (0.9.17)
    thor (0.14.0)
    yard (0.6.0)

PLATFORMS
  ruby

DEPENDENCIES
  bundler (~> 1.0.0)
  dm-core (~> 1.0.0)
  dm-visualizer!
  ore-core (~> 0.1.0)
  ore-tasks (~> 0.2.0)
  rake (~> 0.8.7)
  rdiscount (~> 1.6.3)
  rspec (~> 2.0.0)
  ruby-graphviz (>= 0.9.10)
  thor (~> 0.14.0)
  yard (~> 0.6.0)
