GEM
  remote: https://rubygems.org/
  specs:
    addressable (2.2.0)
    dm-core (1.0.0)
      addressable (~> 2.1)
      extlib (~> 0.9.15)
    extlib (0.9.15)
    git (1.2.5)
    jeweler (1.5.0.pre2)
      bundler (>= 1.0.0.rc.5)
      git (>= 1.2.5)
      rake
    rake (0.8.7)
    rdiscount (1.6.5)
    rspec (1.3.0)
    ruby-graphviz (0.9.17)
    thor (0.14.0)
    yard (0.6.0)

PLATFORMS
  ruby

DEPENDENCIES
  dm-core (>= 0.10.2)
  jeweler (~> 1.5.0.pre)
  rake (~> 0.8.7)
  rdiscount (~> 1.6.3)
  rspec (~> 1.3.0)
  ruby-graphviz (>= 0.9.10)
  thor (~> 0.14.0)
  yard (~> 0.6.0)
